PATH
  remote: .
  specs:
    qrates_visualizer (0.0.1)
      rails-assets-tdmsinc-three.js (~> 0.70.2)
      rails-assets-tdmsinc-tween.js (~> 0.14.0)
      rails-assets-tiny-emitter (= 1.0.0)

GEM
  remote: https://rubygems.org/
  remote: https://rails-assets.org/
  specs:
    coffee-script (2.4.1)
      coffee-script-source
      execjs
    coffee-script-source (1.12.2)
    execjs (2.7.0)
    hike (1.2.3)
    multi_json (1.12.1)
    rack (1.6.8)
    rack-protection (1.5.3)
      rack
    rails-assets-tdmsinc-three.js (0.70.2)
    rails-assets-tdmsinc-tween.js (0.14.0)
    rails-assets-tiny-emitter (1.0.0)
    rake (10.5.0)
    sass (3.4.24)
    sinatra (1.4.8)
      rack (~> 1.5)
      rack-protection (~> 1.4)
      tilt (>= 1.3, < 3)
    sinatra-asset-pipeline (0.6.0)
      coffee-script (~> 2.3)
      rake (~> 10.0)
      sass (~> 3.1)
      sinatra (~> 1.4)
      sprockets (~> 2.12)
      sprockets-helpers (~> 1.1)
      sprockets-sass (~> 1.2)
    slim (3.0.8)
      temple (>= 0.7.6, < 0.9)
      tilt (>= 1.3.3, < 2.1)
    sprockets (2.12.4)
      hike (~> 1.2)
      multi_json (~> 1.0)
      rack (~> 1.0)
      tilt (~> 1.1, != 1.3.0)
    sprockets-helpers (1.2.1)
      sprockets (>= 2.2)
    sprockets-sass (1.3.1)
      sprockets (~> 2.0)
      tilt (~> 1.1)
    temple (0.8.0)
    tilt (1.4.1)

PLATFORMS
  ruby

DEPENDENCIES
  bundler (~> 1.7)
  qrates_visualizer!
  rake (~> 10.0)
  sinatra (~> 1.4.5)
  sinatra-asset-pipeline (~> 0.6.0)
  slim (~> 3.0.2)

BUNDLED WITH
   1.15.1
